PATH
  remote: .
  specs:
    ripple-light (0.0.0)
      activemodel (~> 3.2.12)
      activesupport (~> 3.2.12)
      em-synchrony (~> 1.0.3)
      eventmachine (~> 1.0.8)
      google-protobuf (~> 3.1.0)
      json (~> 1.8.0)
      riak-client (~> 1.4.3)
      snappy (~> 0.0.12)

GEM
  remote: http://rubygems.org/
  specs:
    activemodel (3.2.22.5)
      activesupport (= 3.2.22.5)
      builder (~> 3.0.0)
    activesupport (3.2.22.5)
      i18n (~> 0.6, >= 0.6.4)
      multi_json (~> 1.0)
    addressable (2.4.0)
    beefcake (1.0.0)
    benchmark-ips (2.3.0)
    builder (3.0.4)
    byebug (9.0.6)
    diff-lcs (1.2.5)
    em-synchrony (1.0.5)
      eventmachine (>= 1.0.0.beta.1)
    eventmachine (1.0.9.1)
    faraday (0.8.11)
      multipart-post (~> 1.2.0)
    git (1.2.9.1)
    github_api (0.10.1)
      addressable
      faraday (~> 0.8.1)
      hashie (>= 1.2)
      multi_json (~> 1.4)
      nokogiri (~> 1.5.2)
      oauth2
    google-protobuf (3.1.0)
    hashie (3.4.3)
    highline (1.7.8)
    i18n (0.7.0)
    innertube (1.0.2)
    jeweler (1.8.8)
      builder
      bundler (~> 1.0)
      git (>= 1.2.5)
      github_api (= 0.10.1)
      highline (>= 1.6.15)
      nokogiri (= 1.5.10)
      rake
      rdoc
    json (1.8.3)
    jwt (1.5.2)
    multi_json (1.11.2)
    multi_xml (0.5.5)
    multipart-post (1.2.0)
    nokogiri (1.5.10)
    oauth2 (1.0.0)
      faraday (>= 0.8, < 0.10)
      jwt (~> 1.0)
      multi_json (~> 1.3)
      multi_xml (~> 0.5)
      rack (~> 1.2)
    rack (1.6.4)
    rake (10.0.4)
    rdoc (4.2.0)
      json (~> 1.4)
    riak-client (1.4.5)
      beefcake (~> 1.0.0)
      builder (>= 2.1.2)
      i18n (>= 0.4.0)
      innertube (~> 1.0.2)
      multi_json (~> 1.0)
    rspec (3.5.0)
      rspec-core (~> 3.5.0)
      rspec-expectations (~> 3.5.0)
      rspec-mocks (~> 3.5.0)
    rspec-core (3.5.1)
      rspec-support (~> 3.5.0)
    rspec-expectations (3.5.0)
      diff-lcs (>= 1.2.0, < 2.0)
      rspec-support (~> 3.5.0)
    rspec-mocks (3.5.0)
      diff-lcs (>= 1.2.0, < 2.0)
      rspec-support (~> 3.5.0)
    rspec-support (3.5.0)
    ruby-prof (0.15.9)
    snappy (0.0.15)

PLATFORMS
  ruby

DEPENDENCIES
  benchmark-ips (~> 2.3.0)
  byebug (~> 9.0.6)
  jeweler (~> 1.8.4)
  rake (~> 10.0.3)
  ripple-light!
  rspec (~> 3.5.0)
  ruby-prof (~> 0.15.8)

BUNDLED WITH
   1.11.2
