PATH
  remote: .
  specs:
    ripple-light (1.0.0)
      activemodel (~> 3.2.12)
      activesupport (~> 3.2.12)
      json (~> 1.8.6)
      riak-client (~> 1.4.3)
      snappy (~> 0.0.12)

GEM
  remote: http://rubygems.org/
  specs:
    activemodel (3.2.22.5)
      activesupport (= 3.2.22.5)
      builder (~> 3.0.0)
    activesupport (3.2.22.5)
      i18n (~> 0.6, >= 0.6.4)
      multi_json (~> 1.0)
    beefcake (1.0.0)
    benchmark-ips (2.3.0)
    builder (3.0.4)
    byebug (9.1.0)
    diff-lcs (1.2.5)
    i18n (0.8.6)
    innertube (1.0.2)
    json (1.8.6)
    multi_json (1.12.2)
    rake (10.0.4)
    riak-client (1.4.5)
      beefcake (~> 1.0.0)
      builder (>= 2.1.2)
      i18n (>= 0.4.0)
      innertube (~> 1.0.2)
      multi_json (~> 1.0)
    rspec (3.5.0)
      rspec-core (~> 3.5.0)
      rspec-expectations (~> 3.5.0)
      rspec-mocks (~> 3.5.0)
    rspec-core (3.5.1)
      rspec-support (~> 3.5.0)
    rspec-expectations (3.5.0)
      diff-lcs (>= 1.2.0, < 2.0)
      rspec-support (~> 3.5.0)
    rspec-mocks (3.5.0)
      diff-lcs (>= 1.2.0, < 2.0)
      rspec-support (~> 3.5.0)
    rspec-support (3.5.0)
    ruby-prof (0.15.9)
    snappy (0.0.17)

PLATFORMS
  ruby

DEPENDENCIES
  benchmark-ips (~> 2.3.0)
  byebug (~> 9.1.0)
  rake (~> 10.0.3)
  ripple-light!
  rspec (~> 3.5.0)
  ruby-prof (~> 0.15.8)

BUNDLED WITH
   1.15.4
