PATH
  remote: .
  specs:
    ripple-light (1.0.0)
      activemodel (~> 4.2.8)
      activesupport (~> 4.2.8)
      json (~> 1.8.6)
      riak-client (~> 1.4.3)
      snappy (~> 0.0.12)

GEM
  remote: http://rubygems.org/
  specs:
    activemodel (4.2.9)
      activesupport (= 4.2.9)
      builder (~> 3.1)
    activesupport (4.2.9)
      i18n (~> 0.7)
      minitest (~> 5.1)
      thread_safe (~> 0.3, >= 0.3.4)
      tzinfo (~> 1.1)
    beefcake (1.0.0)
    benchmark-ips (2.3.0)
    builder (3.2.3)
    byebug (9.1.0)
    diff-lcs (1.3)
    i18n (0.8.6)
    innertube (1.0.2)
    json (1.8.6)
    minitest (5.10.3)
    multi_json (1.12.2)
    rake (10.0.4)
    riak-client (1.4.5)
      beefcake (~> 1.0.0)
      builder (>= 2.1.2)
      i18n (>= 0.4.0)
      innertube (~> 1.0.2)
      multi_json (~> 1.0)
    rspec (3.6.0)
      rspec-core (~> 3.6.0)
      rspec-expectations (~> 3.6.0)
      rspec-mocks (~> 3.6.0)
    rspec-core (3.6.0)
      rspec-support (~> 3.6.0)
    rspec-expectations (3.6.0)
      diff-lcs (>= 1.2.0, < 2.0)
      rspec-support (~> 3.6.0)
    rspec-mocks (3.6.0)
      diff-lcs (>= 1.2.0, < 2.0)
      rspec-support (~> 3.6.0)
    rspec-support (3.6.0)
    ruby-prof (0.15.9)
    snappy (0.0.17)
    thread_safe (0.3.6)
    tzinfo (1.2.3)
      thread_safe (~> 0.1)

PLATFORMS
  ruby

DEPENDENCIES
  benchmark-ips (~> 2.3.0)
  byebug (~> 9.1.0)
  rake (~> 10.0.3)
  ripple-light!
  rspec (~> 3.6.0)
  ruby-prof (~> 0.15.8)

BUNDLED WITH
   1.15.4
